PATH
  remote: .
  specs:
    alidayu_sms (0.2.0)
      i18n

GEM
  remote: https://rubygems.org/
  specs:
    activesupport (4.1.14.1)
      i18n (~> 0.6, >= 0.6.9)
      json (~> 1.7, >= 1.7.7)
      minitest (~> 5.1)
      thread_safe (~> 0.1)
      tzinfo (~> 1.1)
    i18n (0.7.0)
    json (1.8.3)
    minitest (5.8.4)
    rack (1.6.4)
    rake (10.5.0)
    thread_safe (0.3.5)
    tzinfo (1.2.2)
      thread_safe (~> 0.1)

PLATFORMS
  ruby

DEPENDENCIES
  activesupport (~> 4.1.12)
  alidayu_sms!
  bundler (~> 1.9)
  rack
  rake (~> 10.0)
